PATH
  remote: .
  specs:
    bootsetting (0.1.9)
      colored2
      rainbow
      thor

GEM
  remote: https://rubygems.org/
  specs:
    colored2 (3.1.2)
    rainbow (3.0.0)
    rake (10.5.0)
    thor (0.20.3)

PLATFORMS
  ruby

DEPENDENCIES
  bootsetting!
  bundler (~> 2.0.1)
  rainbow
  rake (~> 10.5.0)
  thor

BUNDLED WITH
   2.0.1
