PATH
  remote: .
  specs:
    bootsetting (0.1.3)
      colored2
      rainbow
      thor

GEM
  remote: https://rubygems.org/
  specs:
    colored2 (3.1.2)
    rainbow (3.0.0)
    rake (10.5.0)
    thor (0.20.0)

PLATFORMS
  ruby

DEPENDENCIES
  bootsetting!
  bundler (~> 1.16)
  rainbow
  rake (~> 10.0)
  thor

BUNDLED WITH
   1.16.1
