PATH
  remote: .
  specs:
    bootsetting (0.1.2)
      colored2

GEM
  remote: https://rubygems.org/
  specs:
    colored2 (3.1.2)
    rake (10.5.0)

PLATFORMS
  ruby

DEPENDENCIES
  bootsetting!
  bundler (~> 1.16)
  rake (~> 10.0)

BUNDLED WITH
   1.16.1
